GIT
  remote: git://github.com/sferik/twitter.git
  revision: 0d35dde9c232bb4851ad94dd55b35c3996f3397e
  specs:
    twitter (4.5.0)
      faraday (~> 0.8, < 0.10)
      multi_json (~> 1.0)
      simple_oauth (~> 0.2)

GEM
  remote: https://rubygems.org/
  specs:
    addressable (2.3.2)
    crack (0.3.2)
    faraday (0.8.5)
      multipart-post (~> 1.1)
    multi_json (1.6.1)
    multipart-post (1.1.5)
    simple_oauth (0.2.0)
    vcr (2.4.0)
    webmock (1.9.0)
      addressable (>= 2.2.7)
      crack (>= 0.1.7)

PLATFORMS
  ruby

DEPENDENCIES
  twitter!
  vcr
  webmock
